GEM
  remote: https://rubygems.org/
  specs:
    activemodel (3.2.13)
      activesupport (= 3.2.13)
      builder (~> 3.0.0)
    activerecord (3.2.13)
      activemodel (= 3.2.13)
      activesupport (= 3.2.13)
      arel (~> 3.0.2)
      tzinfo (~> 0.3.29)
    activesupport (3.2.13)
      i18n (= 0.6.1)
      multi_json (~> 1.0)
    airbrake (3.1.11)
      activesupport
      builder
      json
    arel (3.0.2)
    builder (3.0.4)
    coffee-script (2.2.0)
      coffee-script-source
      execjs
    coffee-script-source (1.6.1)
    erubis (2.7.0)
    execjs (1.4.0)
      multi_json (~> 1.0)
    faraday (0.8.6)
      multipart-post (~> 1.1)
    haml (4.0.0)
      tilt
    hashie (1.2.0)
    httpauth (0.2.0)
    i18n (0.6.1)
    json (1.7.7)
    jwt (0.1.7)
      multi_json (>= 1.5)
    kgio (2.8.0)
    multi_json (1.6.1)
    multipart-post (1.2.0)
    oauth2 (0.8.1)
      faraday (~> 0.8)
      httpauth (~> 0.1)
      jwt (~> 0.1.4)
      multi_json (~> 1.0)
      rack (~> 1.2)
    omniauth (1.1.3)
      hashie (~> 1.2)
      rack
    omniauth-google-oauth2 (0.1.13)
      omniauth (~> 1.0)
      omniauth-oauth2
    omniauth-oauth2 (1.1.1)
      oauth2 (~> 0.8.0)
      omniauth (~> 1.0)
    pg (0.14.1)
    rack (1.5.2)
    rack-protection (1.3.2)
      rack
    raindrops (0.10.0)
    sass (3.2.7)
    sinatra (1.3.4)
      rack (~> 1.4)
      rack-protection (~> 1.3)
      tilt (~> 1.3, >= 1.3.3)
    sqlite3 (1.3.7)
    tilt (1.3.3)
    tzinfo (0.3.37)
    unicorn (4.6.2)
      kgio (~> 2.6)
      rack
      raindrops (~> 0.7)

PLATFORMS
  ruby

DEPENDENCIES
  activerecord
  airbrake
  coffee-script
  erubis
  haml
  omniauth
  omniauth-google-oauth2
  pg
  sass
  sinatra
  sqlite3
  tilt
  unicorn
